PATH
  remote: .
  specs:
    lita-info_table (0.0.1)
      lita (~> 2.3)

GEM
  remote: https://rubygems.org/
  specs:
    colorize (0.5.8)
    coveralls (0.6.7)
      colorize
      multi_json (~> 1.3)
      rest-client
      simplecov (>= 0.7)
      thor
    daemons (1.1.9)
    diff-lcs (1.2.4)
    eventmachine (1.0.3)
    faraday (0.8.8)
      multipart-post (~> 1.2.0)
    lita (2.3.0)
      bundler (~> 1.3)
      faraday (~> 0.8.7)
      multi_json (~> 1.7.7)
      rack (~> 1.5.2)
      redis-namespace (~> 1.3.0)
      thin (~> 1.5.1)
      thor (~> 0.18.1)
    mime-types (1.25)
    multi_json (1.7.9)
    multipart-post (1.2.0)
    rack (1.5.2)
    rake (10.1.0)
    redis (3.0.4)
    redis-namespace (1.3.1)
      redis (~> 3.0.0)
    rest-client (1.6.7)
      mime-types (>= 1.16)
    rspec (2.14.1)
      rspec-core (~> 2.14.0)
      rspec-expectations (~> 2.14.0)
      rspec-mocks (~> 2.14.0)
    rspec-core (2.14.5)
    rspec-expectations (2.14.2)
      diff-lcs (>= 1.1.3, < 2.0)
    rspec-mocks (2.14.3)
    simplecov (0.7.1)
      multi_json (~> 1.0)
      simplecov-html (~> 0.7.1)
    simplecov-html (0.7.1)
    thin (1.5.1)
      daemons (>= 1.0.9)
      eventmachine (>= 0.12.6)
      rack (>= 1.0.0)
    thor (0.18.1)

PLATFORMS
  ruby

DEPENDENCIES
  bundler (~> 1.3)
  coveralls
  lita-info_table!
  rake
  rspec (>= 2.14)
  simplecov
